GEM
  remote: http://rubygems.org/
  specs:
    sass (3.2.13)

PLATFORMS
  ruby
  x86-mingw32

DEPENDENCIES
  sass (= 3.2.13)
